GEM
  remote: https://rubygems.org/
  specs:
    addressable (2.3.8)
    awesome_print (1.7.0)
    dotenv (2.1.1)
    json (1.8.3)
    mime-types (1.25.1)
    rest-client (1.6.9)
      mime-types (~> 1.16)
    slack (0)
      speck (>= 1)
    speck (1)
    unirest (1.1.2)
      addressable (~> 2.3.5)
      json (~> 1.8.1)
      rest-client (~> 1.6.7)

PLATFORMS
  ruby

DEPENDENCIES
  awesome_print
  dotenv
  slack
  unirest

BUNDLED WITH
   1.13.6
